GEM
  remote: http://rubygems.org/
  specs:
    opal (0.3.33)
    rack (1.5.1)
    rack-protection (1.3.2)
      rack
    rake (10.0.3)
    sinatra (1.3.4)
      rack (~> 1.4)
      rack-protection (~> 1.3)
      tilt (~> 1.3, >= 1.3.3)
    slim (1.3.6)
      temple (~> 0.5.5)
      tilt (~> 1.3.3)
    temple (0.5.5)
    tilt (1.3.3)

PLATFORMS
  ruby

DEPENDENCIES
  opal
  rake
  sinatra
  slim
